GEM
  remote: https://rubygems.org/
  specs:
    coderay (1.1.1)
    method_source (0.8.2)
    oj (2.18.5)
    pry (0.10.4)
      coderay (~> 1.1.0)
      method_source (~> 0.8.1)
      slop (~> 3.4)
    pry-rails (0.3.6)
      pry (>= 0.10.4)
    slop (3.6.0)

PLATFORMS
  ruby

DEPENDENCIES
  oj (~> 2.18, >= 2.18.5)
  pry-rails

BUNDLED WITH
   1.14.6
